GEM
  remote: https://rubygems.org/
  specs:
    akami (1.2.2)
      gyoku (>= 0.4.0)
      nokogiri
    builder (3.2.2)
    gyoku (1.2.2)
      builder (>= 2.1.2)
    httpi (2.3.0)
      rack
    macaddr (1.7.1)
      systemu (~> 2.6.2)
    mime-types (1.25.1)
    mini_portile2 (2.5.1)
    nokogiri (1.11.4)
      mini_portile2 (~> 2.5.0)
      racc (~> 1.4)
    nori (2.4.0)
    racc (1.5.2)
    rack (1.6.12)
    rack-protection (1.5.5)
      rack
    savon (2.8.0)
      akami (~> 1.2)
      builder (>= 2.1.2)
      gyoku (~> 1.2)
      httpi (~> 2.3)
      nokogiri (>= 1.4.0)
      nori (~> 2.4)
      uuid (~> 2.3.7)
      wasabi (= 3.3.0)
    sinatra (1.4.5)
      rack (~> 1.4)
      rack-protection (~> 1.4)
      tilt (~> 1.3, >= 1.3.4)
    sinatra-cross_origin (0.3.2)
    systemu (2.6.4)
    tilt (1.4.1)
    uuid (2.3.7)
      macaddr (~> 1.0)
    wasabi (3.3.0)
      httpi (~> 2.0)
      mime-types (< 2.0.0)
      nokogiri (>= 1.4.0)

PLATFORMS
  ruby

DEPENDENCIES
  savon (~> 2.0)
  sinatra
  sinatra-cross_origin (~> 0.3.1)

BUNDLED WITH
   1.10.4
